GEM
  remote: http://rubygems.org/
  specs:
    backports (2.8.2)
    citrus (2.4.1)
    daemons (1.1.9)
    eventmachine (1.0.3)
    netrc (0.7.7)
    path (1.3.3)
    quickl (0.4.3)
    rack (1.5.2)
    rack-protection (1.5.2)
      rack
    rest_client (1.7.2)
      netrc (~> 0.7.7)
    sinatra (1.4.4)
      rack (~> 1.4)
      rack-protection (~> 1.4)
      tilt (~> 1.3, >= 1.3.4)
    temple (0.6.7)
    thin (1.6.1)
      daemons (>= 1.0.9)
      eventmachine (>= 1.0.0)
      rack (>= 1.0.0)
    tilt (1.4.1)
    wlang (2.2.3)
      backports (~> 2.6)
      citrus (~> 2.4.1)
      path (~> 1.3)
      quickl (~> 0.4.3)
      temple (~> 0.6)

PLATFORMS
  ruby

DEPENDENCIES
  path (~> 1.3)
  rack (~> 1.5)
  rest_client (~> 1.7)
  sinatra (~> 1.4)
  thin (~> 1.6)
  wlang (~> 2.2)
